PATH
  remote: .
  specs:
    param_guard (0.0.1)

GEM
  remote: http://rubygems.org/
  specs:
    json (1.7.5)
    rake (10.0.2)
    rdoc (3.12)
      json (~> 1.4)

PLATFORMS
  ruby

DEPENDENCIES
  param_guard!
  rake
  rdoc
